PATH
  remote: .
  specs:
    roda-extras (0.1.0)
      roda (>= 3.19)

GEM
  remote: https://rubygems.org/
  specs:
    minitest (5.11.3)
    rack (2.0.7)
    rake (12.3.2)
    roda (3.19.0)
      rack
    tilt (2.0.9)

PLATFORMS
  ruby

DEPENDENCIES
  minitest
  rake
  roda-extras!
  tilt

BUNDLED WITH
   1.17.2
